GEM
  remote: https://rubygems.org/
  specs:
    app-routes (0.1.19)
    base64 (0.2.0)
    chronic (0.10.2)
    chronic_between (0.5.0)
      app-routes (~> 0.1, >= 0.1.19)
      chronic (~> 0.10, >= 0.10.2)
    concurrent-ruby (1.3.4)
    daemons (1.4.1)
    et-orbi (1.2.11)
      tzinfo
    eventmachine (1.2.7)
    fugit (1.11.1)
      et-orbi (~> 1, >= 1.2.11)
      raabro (~> 1.4)
    librrd (1.0.4)
    multi_json (1.15.0)
    mustermann (3.0.3)
      ruby2_keywords (~> 0.0.1)
    raabro (1.4.0)
    rack (2.2.9)
    rack-protection (3.2.0)
      base64 (>= 0.1.0)
      rack (~> 2.2, >= 2.2.4)
    rake (13.2.1)
    ruby2_keywords (0.0.5)
    rufus-scheduler (3.9.2)
      fugit (~> 1.1, >= 1.11.1)
    sinatra (3.2.0)
      mustermann (~> 3.0)
      rack (~> 2.2, >= 2.2.4)
      rack-protection (= 3.2.0)
      tilt (~> 2.0)
    sinatra-contrib (3.2.0)
      multi_json (>= 0.0.2)
      mustermann (~> 3.0)
      rack-protection (= 3.2.0)
      sinatra (= 3.2.0)
      tilt (~> 2.0)
    thin (1.8.2)
      daemons (~> 1.0, >= 1.0.9)
      eventmachine (~> 1.0, >= 1.0.4)
      rack (>= 1, < 3)
    tilt (2.4.0)
    tzinfo (2.0.6)
      concurrent-ruby (~> 1.0)

PLATFORMS
  ruby

DEPENDENCIES
  chronic_between
  librrd
  rake
  rufus-scheduler
  sinatra (~> 3.2.0)
  sinatra-contrib
  thin

BUNDLED WITH
   2.1.4
