GEM
  remote: https://rubygems.org/
  specs:
    app-routes (0.1.19)
    chronic (0.10.2)
    chronic_between (0.3.1)
      app-routes (~> 0.1, >= 0.1.19)
      chronic (~> 0.10, >= 0.10.2)
    daemons (1.3.1)
    et-orbi (1.1.6)
      tzinfo
    eventmachine (1.2.7)
    fugit (1.1.6)
      et-orbi (~> 1.1, >= 1.1.6)
      raabro (~> 1.1)
    jsmin (1.0.1)
    librrd (1.0.4)
    multi_json (1.13.1)
    mustermann (2.0.2)
      ruby2_keywords (~> 0.0.1)
    raabro (1.1.6)
    rack (2.2.4)
    rack-protection (2.2.3)
      rack
    rack-test (1.1.0)
      rack (>= 1.0, < 3)
    rake (12.3.3)
    ruby2_keywords (0.0.5)
    rufus-scheduler (3.5.2)
      fugit (~> 1.1, >= 1.1.5)
    sinatra (2.2.3)
      mustermann (~> 2.0)
      rack (~> 2.2)
      rack-protection (= 2.2.3)
      tilt (~> 2.0)
    sinatra-assetpack (0.3.1)
      jsmin
      rack-test
      sinatra
      tilt (>= 1.3.0)
    sinatra-contrib (2.2.3)
      multi_json
      mustermann (~> 2.0)
      rack-protection (= 2.2.3)
      sinatra (= 2.2.3)
      tilt (~> 2.0)
    thin (1.7.2)
      daemons (~> 1.0, >= 1.0.9)
      eventmachine (~> 1.0, >= 1.0.4)
      rack (>= 1, < 3)
    thread_safe (0.3.6)
    tilt (2.0.11)
    tzinfo (1.2.5)
      thread_safe (~> 0.1)

PLATFORMS
  ruby

DEPENDENCIES
  chronic_between
  librrd
  rake
  rufus-scheduler
  sinatra (~> 2.2.3)
  sinatra-assetpack
  sinatra-contrib
  thin

BUNDLED WITH
   2.1.4
