GEM
  remote: https://rubygems.org/
  specs:
    app-routes (0.1.19)
    backports (3.11.4)
    chronic (0.10.2)
    chronic_between (0.3.1)
      app-routes (~> 0.1, >= 0.1.19)
      chronic (~> 0.10, >= 0.10.2)
    daemons (1.3.1)
    et-orbi (1.1.6)
      tzinfo
    eventmachine (1.2.7)
    fugit (1.1.6)
      et-orbi (~> 1.1, >= 1.1.6)
      raabro (~> 1.1)
    jsmin (1.0.1)
    librrd (1.0.4)
    multi_json (1.13.1)
    raabro (1.1.6)
    rack (1.6.12)
    rack-protection (1.5.5)
      rack
    rack-test (1.1.0)
      rack (>= 1.0, < 3)
    rake (12.3.1)
    rufus-scheduler (3.5.2)
      fugit (~> 1.1, >= 1.1.5)
    sinatra (1.4.8)
      rack (~> 1.5)
      rack-protection (~> 1.4)
      tilt (>= 1.3, < 3)
    sinatra-assetpack (0.3.5)
      jsmin
      rack-test
      sinatra
      tilt (>= 1.3.0, < 2.0)
    sinatra-contrib (1.4.7)
      backports (>= 2.0)
      multi_json
      rack-protection
      rack-test
      sinatra (~> 1.4.0)
      tilt (>= 1.3, < 3)
    thin (1.7.2)
      daemons (~> 1.0, >= 1.0.9)
      eventmachine (~> 1.0, >= 1.0.4)
      rack (>= 1, < 3)
    thread_safe (0.3.6)
    tilt (1.4.1)
    tzinfo (1.2.5)
      thread_safe (~> 0.1)

PLATFORMS
  ruby

DEPENDENCIES
  chronic_between
  librrd
  rake
  rufus-scheduler
  sinatra (~> 1.4.8)
  sinatra-assetpack
  sinatra-contrib
  thin

BUNDLED WITH
   2.1.4
