GEM
  remote: https://rubygems.org/
  specs:
    app-routes (0.1.19)
    backports (3.25.0)
    chronic (0.10.2)
    chronic_between (0.5.0)
      app-routes (~> 0.1, >= 0.1.19)
      chronic (~> 0.10, >= 0.10.2)
    concurrent-ruby (1.3.4)
    daemons (1.4.1)
    et-orbi (1.2.11)
      tzinfo
    eventmachine (1.2.7)
    fugit (1.11.1)
      et-orbi (~> 1, >= 1.2.11)
      raabro (~> 1.4)
    jsmin (1.0.1)
    librrd (1.0.4)
    multi_json (1.15.0)
    raabro (1.4.0)
    rack (1.6.13)
    rack-protection (1.5.5)
      rack
    rack-test (2.1.0)
      rack (>= 1.3)
    rake (13.2.1)
    rufus-scheduler (3.9.2)
      fugit (~> 1.1, >= 1.11.1)
    sinatra (1.4.8)
      rack (~> 1.5)
      rack-protection (~> 1.4)
      tilt (>= 1.3, < 3)
    sinatra-assetpack (0.3.5)
      jsmin
      rack-test
      sinatra
      tilt (>= 1.3.0, < 2.0)
    sinatra-contrib (1.4.7)
      backports (>= 2.0)
      multi_json
      rack-protection
      rack-test
      sinatra (~> 1.4.0)
      tilt (>= 1.3, < 3)
    thin (1.8.2)
      daemons (~> 1.0, >= 1.0.9)
      eventmachine (~> 1.0, >= 1.0.4)
      rack (>= 1, < 3)
    tilt (1.4.1)
    tzinfo (2.0.6)
      concurrent-ruby (~> 1.0)

PLATFORMS
  ruby

DEPENDENCIES
  chronic_between
  librrd
  rake
  rufus-scheduler
  sinatra (~> 1.4.8)
  sinatra-assetpack
  sinatra-contrib
  thin

BUNDLED WITH
   2.1.4
